GEM
  remote: https://rubygems.org/
  specs:
    pg (1.5.8)

PLATFORMS
  ruby
  x86_64-linux

DEPENDENCIES
  pg (~> 1.5, >= 1.5.8)

RUBY VERSION
   ruby 3.2.0p0

BUNDLED WITH
   2.5.18
